GIT
  remote: https://github.com/thekuwayama/tttls1.3.git
  revision: 9813136a0046fc790e135c079ddc0f96b865dca1
  ref: 9813136
  specs:
    tttls1.3 (0.2.17)
      logger
      openssl

GEM
  remote: https://rubygems.org/
  specs:
    logger (1.5.1)
    openssl (3.0.0)

PLATFORMS
  x86_64-darwin-21

DEPENDENCIES
  tttls1.3!

BUNDLED WITH
   2.3.7
